PATH
  remote: .
  specs:
    motion-firebase (3.1.6)

GEM
  remote: https://rubygems.org/
  specs:
    rake (10.0.3)
    sugarcube (2.0.1)

PLATFORMS
  ruby

DEPENDENCIES
  motion-firebase!
  rake
  sugarcube (~> 2.0)
