PATH
  remote: /Users/colinta/Code/rubymotion/sugarcube
  specs:
    sugarcube (0.19.4)

GEM
  remote: https://rubygems.org/
  specs:
    rake (10.0.3)

PLATFORMS
  ruby

DEPENDENCIES
  rake
  sugarcube!
