PATH
  remote: ../..
  specs:
    motion-firebase (2.0.11)

GEM
  remote: https://rubygems.org/
  specs:
    rake (10.0.3)

PLATFORMS
  ruby

DEPENDENCIES
  motion-firebase!
  rake
