PATH
  remote: ../..
  specs:
    motion-firebase (2.1.0)

GEM
  remote: https://rubygems.org/
  specs:
    rake (10.0.3)
    sugarcube (1.6.1)

PLATFORMS
  ruby

DEPENDENCIES
  motion-firebase!
  rake
  sugarcube
