PATH
  remote: ..
  specs:
    motion-firebase (2.0.7)

GEM
  remote: https://rubygems.org/
  specs:
    rake (10.0.3)
    sugarcube (0.20.20)

PLATFORMS
  ruby

DEPENDENCIES
  motion-firebase!
  rake
  sugarcube
